GEM
  remote: https://rubygems.org/
  specs:
    coderay (1.1.2)
    kramdown (2.3.0)
      rexml
    method_source (0.9.0)
    pry (0.11.3)
      coderay (~> 1.1.0)
      method_source (~> 0.9.0)
    rexml (3.2.4)

PLATFORMS
  ruby

DEPENDENCIES
  kramdown
  pry

BUNDLED WITH
   1.16.1
